GEM
  remote: https://rubygems.org/
  specs:
    SgfParser (2.0.0)
    mini_portile (0.5.2)
    nokogiri (1.6.1)
      mini_portile (~> 0.5.0)

PLATFORMS
  ruby

DEPENDENCIES
  SgfParser (~> 2.0.0)
  nokogiri (~> 1.6.0)
